GEM
  remote: https://rubygems.org/
  specs:
    arduino_ci (1.2.0)
      os (~> 1.0)
      rubyzip (~> 1.2)
    os (1.1.1)
    rubyzip (1.3.0)

PLATFORMS
  ruby

DEPENDENCIES
  arduino_ci (~> 1.2)

BUNDLED WITH
   2.1.4
